GEM
  remote: http://rubygems.org/
  specs:
    POpen4 (0.1.4)
      Platform (>= 0.4.0)
      open4
    Platform (0.4.0)
    active_support (3.0.0)
      activesupport (= 3.0.0)
    activesupport (3.0.0)
    backports (2.5.1)
    bson (1.6.2)
    closure-compiler (1.1.6)
    commonjs (0.2.6)
    eventmachine (0.12.10)
    execjs (1.3.1)
      multi_json (~> 1.0)
    html_compressor (0.0.3)
      POpen4 (>= 0.1.4)
    kicker (2.5.0)
      rb-fsevent
    less (2.2.1)
      commonjs (~> 0.2.6)
    libv8 (3.3.10.4)
    mongo (1.6.2)
      bson (~> 1.6.2)
    multi_json (1.3.4)
    mustache (0.99.4)
    open4 (1.3.0)
    rack (1.4.1)
    rack-protection (1.2.0)
      rack
    rack-test (0.6.1)
      rack (>= 1.0)
    rainpress (1.0)
    rake (0.9.2.2)
    rb-fsevent (0.9.1)
    sinatra (1.3.2)
      rack (~> 1.3, >= 1.3.6)
      rack-protection (~> 1.2)
      tilt (~> 1.3, >= 1.3.3)
    sinatra-contrib (1.3.1)
      backports (>= 2.0)
      eventmachine
      rack-protection
      rack-test
      sinatra (~> 1.3.0)
      tilt (~> 1.3)
    sinatra-mustache (0.0.4)
      mustache (~> 0.99)
      sinatra (~> 1.3, ~> 1.2)
      tilt (~> 1.3, ~> 1.2)
    therubyracer (0.10.1)
      libv8 (~> 3.3.10)
    tilt (1.3.3)
    uglifier (1.2.4)
      execjs (>= 0.3.0)
      multi_json (>= 1.0.2)

PLATFORMS
  ruby

DEPENDENCIES
  active_support
  closure-compiler
  html_compressor
  kicker
  less
  mongo
  rainpress
  rake
  sinatra
  sinatra-contrib
  sinatra-mustache
  therubyracer
  uglifier
